GEM
  remote: http://rubygems.org/
  specs:
    activesupport (3.0.6)
    bluecloth (2.0.11)
    haml (3.0.25)
    i18n (0.5.0)
    mail (2.2.15)
      activesupport (>= 2.3.6)
      i18n (>= 0.4.0)
      mime-types (~> 1.16)
      treetop (~> 1.4.8)
    mango (0.5.3)
      bluecloth (~> 2.0.9)
      bundler (~> 1.0.0)
      haml (~> 3.0.22)
      rack (~> 1.2.1)
      sinatra (~> 1.1.0)
      thor (~> 0.14.3)
    mime-types (1.16)
    polyglot (0.3.1)
    pony (1.1)
      mail (> 2.0)
    rack (1.2.2)
    sinatra (1.1.4)
      rack (~> 1.1)
      tilt (>= 1.2.2, < 2.0)
    thor (0.14.6)
    tilt (1.2.2)
    treetop (1.4.9)
      polyglot (>= 0.3.1)

PLATFORMS
  ruby

DEPENDENCIES
  mango (~> 0.5.3)
  pony (~> 1.1)
